GIT
  remote: git://github.com/musicglue/docket.git
  revision: bea5d6552825556b12c92e74716af8cad7f33329
  specs:
    docket (1.0.0)
      activemodel
      aws-sdk-core
      colorize
      thor

PATH
  remote: .
  specs:
    envoy_idempotence (0.0.1)
      docket
      envoy
      rails (>= 4.1.0)

GEM
  remote: https://rubygems.org/
  specs:
    actionmailer (4.1.6)
      actionpack (= 4.1.6)
      actionview (= 4.1.6)
      mail (~> 2.5, >= 2.5.4)
    actionpack (4.1.6)
      actionview (= 4.1.6)
      activesupport (= 4.1.6)
      rack (~> 1.5.2)
      rack-test (~> 0.6.2)
    actionview (4.1.6)
      activesupport (= 4.1.6)
      builder (~> 3.1)
      erubis (~> 2.7.0)
    activemodel (4.1.6)
      activesupport (= 4.1.6)
      builder (~> 3.1)
    activerecord (4.1.6)
      activemodel (= 4.1.6)
      activesupport (= 4.1.6)
      arel (~> 5.0.0)
    activesupport (4.1.6)
      i18n (~> 0.6, >= 0.6.9)
      json (~> 1.7, >= 1.7.7)
      minitest (~> 5.1)
      thread_safe (~> 0.1)
      tzinfo (~> 1.1)
    arel (5.0.1.20140414130214)
    awesome_print (1.2.0)
    aws-sdk-core (2.0.0.rc16)
      builder (~> 3.0)
      jamespath (>= 0.5.1)
      multi_json (~> 1.0)
      multi_xml (~> 0.5)
    broach (0.2.1)
      json (~> 1.4)
      nap (~> 0.3)
    builder (3.2.2)
    colorize (0.7.3)
    database_cleaner (1.3.0)
    envoy (1.0)
      broach (= 0.2.1)
      tmail (= 1.2.7.1)
    erubis (2.7.0)
    hike (1.2.3)
    i18n (0.6.11)
    jamespath (0.5.1)
    json (1.8.1)
    mail (2.6.1)
      mime-types (>= 1.16, < 3)
    mime-types (2.3)
    minitest (5.4.1)
    minitest-focus (1.1.0)
      minitest (>= 4, < 6)
    minitest-rg (5.1.0)
      minitest (~> 5.0)
    minitest-spec-rails (5.1.0)
      minitest (~> 5.0)
      rails (~> 4.1)
    multi_json (1.10.1)
    multi_xml (0.5.5)
    nap (0.8.0)
    pg (0.17.1)
    rack (1.5.2)
    rack-test (0.6.2)
      rack (>= 1.0)
    rails (4.1.6)
      actionmailer (= 4.1.6)
      actionpack (= 4.1.6)
      actionview (= 4.1.6)
      activemodel (= 4.1.6)
      activerecord (= 4.1.6)
      activesupport (= 4.1.6)
      bundler (>= 1.3.0, < 2.0)
      railties (= 4.1.6)
      sprockets-rails (~> 2.0)
    railties (4.1.6)
      actionpack (= 4.1.6)
      activesupport (= 4.1.6)
      rake (>= 0.8.7)
      thor (>= 0.18.1, < 2.0)
    rake (10.3.2)
    sprockets (2.12.2)
      hike (~> 1.2)
      multi_json (~> 1.0)
      rack (~> 1.0)
      tilt (~> 1.1, != 1.3.0)
    sprockets-rails (2.1.4)
      actionpack (>= 3.0)
      activesupport (>= 3.0)
      sprockets (~> 2.8)
    thor (0.19.1)
    thread_safe (0.3.4)
    tilt (1.4.1)
    tmail (1.2.7.1)
    tzinfo (1.2.2)
      thread_safe (~> 0.1)

PLATFORMS
  ruby

DEPENDENCIES
  awesome_print
  database_cleaner
  docket!
  envoy_idempotence!
  minitest
  minitest-focus
  minitest-rg
  minitest-spec-rails
  pg
